GEM
  remote: https://rubygems.org/
  specs:
    aws-sdk (1.24.0)
      json (~> 1.4)
      nokogiri (>= 1.4.4, < 1.6.0)
      uuidtools (~> 2.1)
    diff-lcs (1.2.5)
    json (1.8.1)
    json (1.8.1-java)
    nokogiri (1.5.10)
    nokogiri (1.5.10-java)
    rake (10.1.0)
    rspec (2.14.1)
      rspec-core (~> 2.14.0)
      rspec-expectations (~> 2.14.0)
      rspec-mocks (~> 2.14.0)
    rspec-core (2.14.7)
    rspec-expectations (2.14.4)
      diff-lcs (>= 1.1.3, < 2.0)
    rspec-mocks (2.14.4)
    uuidtools (2.1.4)

PLATFORMS
  java
  ruby

DEPENDENCIES
  aws-sdk (~> 1.24.0)
  rake (>= 10.1.0)
  rspec (~> 2.14.1)
